GIT
  remote: git://github.com/sinatra/sinatra.git
  revision: deeec3861b92f3106c5c6ccfe32696c117f7b907
  specs:
    sinatra (1.3.1)
      rack (~> 1.3, >= 1.3.4)
      rack-protection (~> 1.1, >= 1.1.2)
      tilt (~> 1.3, >= 1.3.3)

GEM
  remote: http://rubygems.org/
  specs:
    RedCloth (4.2.8)
    activesupport (3.0.9)
    addressable (2.2.6)
    bcrypt-ruby (3.0.1)
    daemons (1.1.4)
    data_mapper (1.2.0)
      dm-aggregates (~> 1.2.0)
      dm-constraints (~> 1.2.0)
      dm-core (~> 1.2.0)
      dm-migrations (~> 1.2.0)
      dm-serializer (~> 1.2.0)
      dm-timestamps (~> 1.2.0)
      dm-transactions (~> 1.2.0)
      dm-types (~> 1.2.0)
      dm-validations (~> 1.2.0)
    data_objects (0.10.7)
      addressable (~> 2.1)
    diff-lcs (1.1.2)
    dm-aggregates (1.2.0)
      dm-core (~> 1.2.0)
    dm-constraints (1.2.0)
      dm-core (~> 1.2.0)
    dm-core (1.2.0)
      addressable (~> 2.2.6)
    dm-do-adapter (1.2.0)
      data_objects (~> 0.10.6)
      dm-core (~> 1.2.0)
    dm-migrations (1.2.0)
      dm-core (~> 1.2.0)
    dm-serializer (1.2.1)
      dm-core (~> 1.2.0)
      fastercsv (~> 1.5.4)
      json (~> 1.6.1)
      json_pure (~> 1.6.1)
      multi_json (~> 1.0.3)
    dm-sqlite-adapter (1.2.0)
      dm-do-adapter (~> 1.2.0)
      do_sqlite3 (~> 0.10.6)
    dm-timestamps (1.2.0)
      dm-core (~> 1.2.0)
    dm-transactions (1.2.0)
      dm-core (~> 1.2.0)
    dm-types (1.2.1)
      bcrypt-ruby (~> 3.0.0)
      dm-core (~> 1.2.0)
      fastercsv (~> 1.5.4)
      json (~> 1.6.1)
      multi_json (~> 1.0.3)
      stringex (~> 1.3.0)
      uuidtools (~> 2.1.2)
    dm-validations (1.2.0)
      dm-core (~> 1.2.0)
    do_sqlite3 (0.10.7)
      data_objects (= 0.10.7)
    escape (0.0.4)
    eventmachine (0.12.10)
    fastercsv (1.5.4)
    haml (3.1.3)
    http_router (0.4.1)
      rack (>= 1.0.0)
      url_mount (~> 0.2.1)
    i18n (0.6.0)
    json (1.6.1)
    json_pure (1.6.1)
    less (2.0.7)
      therubyracer (~> 0.9.2)
    libv8 (3.3.10.2)
    mail (2.3.0)
      i18n (>= 0.4.0)
      mime-types (~> 1.16)
      treetop (~> 1.4.8)
    mime-types (1.16)
    mixpanel (1.0.0)
      escape
      json
      rack
    multi_json (1.0.3)
    padrino-core (0.9.19)
      activesupport (>= 3.0.0)
      http_router (~> 0.4.0)
      sinatra (>= 1.1.0)
      thor (>= 0.14.3)
      tzinfo
    padrino-mailer (0.9.19)
      mail (>= 2.2.0)
      padrino-core (= 0.9.19)
    polyglot (0.3.1)
    rack (1.3.5)
    rack-flash (0.1.2)
      rack
    rack-protection (1.1.4)
      rack
    rack-test (0.6.0)
      rack (>= 1.0)
    rake (0.9.2)
    rspec (2.6.0)
      rspec-core (~> 2.6.0)
      rspec-expectations (~> 2.6.0)
      rspec-mocks (~> 2.6.0)
    rspec-core (2.6.4)
    rspec-expectations (2.6.0)
      diff-lcs (~> 1.1.2)
    rspec-mocks (2.6.0)
    shotgun (0.9)
      rack (>= 1.0)
    sqlite3 (1.3.4)
    stringex (1.3.0)
    therubyracer (0.9.8)
      libv8 (~> 3.3.10)
    thin (1.2.11)
      daemons (>= 1.0.9)
      eventmachine (>= 0.12.6)
      rack (>= 1.0.0)
    thor (0.14.6)
    tilt (1.3.3)
    treetop (1.4.9)
      polyglot (>= 0.3.1)
    tzinfo (0.3.29)
    url_mount (0.2.1)
      rack
    uuidtools (2.1.2)

PLATFORMS
  ruby

DEPENDENCIES
  RedCloth
  bcrypt-ruby
  data_mapper
  dm-sqlite-adapter
  haml
  less
  mixpanel
  padrino-mailer
  rack
  rack-flash
  rack-test
  rake
  rspec
  shotgun
  sinatra!
  sqlite3
  thin
